GEM
  remote: http://rubygems.org/
  specs:
    asciidoctor (1.5.2)

PLATFORMS
  x64-mingw32

DEPENDENCIES
  asciidoctor (~> 1.5)
